GIT
  remote: git://github.com/tent/json-patch.git
  revision: f5d9b7ed1b03798ad9f403dfcdbf4d2a16228fed
  branch: master
  specs:
    json-patch (0.0.1)

GIT
  remote: git://github.com/tent/rack-putty.git
  revision: fce75263d3ee93a46248619b10bea033fae60969
  branch: master
  specs:
    rack-putty (0.0.1)
      rack-mount (~> 0.8.3)

GIT
  remote: git://github.com/tent/tent-validator.git
  revision: 72c3505f73be1161efc146b499cca2358cfb257d
  branch: 0.3
  specs:
    tent-validator (0.2.0)
      faraday (= 0.8.4)
      json-patch

PATH
  remote: .
  specs:
    tentd (0.2.0)
      pg
      rack-putty
      sequel
      sequel-json
      sequel-pg_array
      tent-client
      yajl-ruby

GEM
  remote: https://rubygems.org/
  specs:
    diff-lcs (1.2.1)
    faraday (0.8.4)
      multipart-post (~> 1.1)
    faraday_middleware (0.8.8)
      faraday (>= 0.7.4, < 0.9)
    faraday_middleware-multi_json (0.0.5)
      faraday_middleware
      multi_json
    multi_json (1.7.2)
    multipart-post (1.2.0)
    nokogiri (1.5.9)
    oj (2.0.10)
    pg (0.14.1)
    puma (1.6.3)
      rack (~> 1.2)
    rack (1.5.2)
    rack-mount (0.8.3)
      rack (>= 1.0.0)
    rack-test (0.6.2)
      rack (>= 1.0)
    rake (10.0.3)
    rspec (2.13.0)
      rspec-core (~> 2.13.0)
      rspec-expectations (~> 2.13.0)
      rspec-mocks (~> 2.13.0)
    rspec-core (2.13.1)
    rspec-expectations (2.13.0)
      diff-lcs (>= 1.1.3, < 2.0)
    rspec-mocks (2.13.0)
    sequel (3.45.0)
    sequel-json (0.0.1)
      sequel
      yajl-ruby
    sequel-pg_array (0.0.1)
    tent-client (0.0.1)
      faraday (= 0.8.4)
      faraday_middleware (= 0.8.8)
      faraday_middleware-multi_json
      nokogiri
      oj
    yajl-ruby (1.1.0)

PLATFORMS
  ruby

DEPENDENCIES
  bundler
  json-patch!
  puma
  rack-putty!
  rack-test (~> 0.6.1)
  rake
  rspec (~> 2.11)
  tent-validator!
  tentd!
